GEM
  remote: https://rubygems.org/
  specs:
    actionmailer (3.2.13)
      actionpack (= 3.2.13)
      mail (~> 2.5.3)
    actionpack (3.2.13)
      activemodel (= 3.2.13)
      activesupport (= 3.2.13)
      builder (~> 3.0.0)
      erubis (~> 2.7.0)
      journey (~> 1.0.4)
      rack (~> 1.4.5)
      rack-cache (~> 1.2)
      rack-test (~> 0.6.1)
      sprockets (~> 2.2.1)
    active_attr (0.7.0)
      activemodel (>= 3.0.2, < 4.1)
      activesupport (>= 3.0.2, < 4.1)
    activemodel (3.2.13)
      activesupport (= 3.2.13)
      builder (~> 3.0.0)
    activerecord (3.2.13)
      activemodel (= 3.2.13)
      activesupport (= 3.2.13)
      arel (~> 3.0.2)
      tzinfo (~> 0.3.29)
    activerecord-jdbc-adapter (1.2.8)
    activerecord-jdbch2-adapter (1.2.7)
      activerecord-jdbc-adapter (~> 1.2.7)
      jdbc-h2 (~> 1.3.0)
    activerecord-jdbcpostgresql-adapter (1.2.7)
      activerecord-jdbc-adapter (~> 1.2.7)
      jdbc-postgres (>= 9.1, < 9.3)
    activerecord-jdbcsqlite3-adapter (1.2.7)
      activerecord-jdbc-adapter (~> 1.2.7)
      jdbc-sqlite3 (~> 3.7.2)
    activerecord-oracle_enhanced-adapter (1.4.2)
    activeresource (3.2.13)
      activemodel (= 3.2.13)
      activesupport (= 3.2.13)
    activesupport (3.2.13)
      i18n (= 0.6.1)
      multi_json (~> 1.0)
    addressable (2.3.3)
    angular-gem (1.1.4)
      coffee-script (~> 2.2.0)
      railties (>= 3.1)
    ansi (1.4.3)
    arel (3.0.2)
    autoparse (0.3.2)
      addressable (>= 2.3.1)
      extlib (>= 0.9.15)
      multi_json (>= 1.0.0)
    bcrypt-ruby (3.0.1-java)
    bootstrap-sass (2.3.1.2)
      sass (~> 3.2)
    bouncy-castle-java (1.5.0147)
    builder (3.0.4)
    capistrano (2.14.2)
      highline
      net-scp (>= 1.0.0)
      net-sftp (>= 2.0.0)
      net-ssh (>= 2.0.14)
      net-ssh-gateway (>= 1.1.0)
    capybara (2.0.2)
      mime-types (>= 1.16)
      nokogiri (>= 1.3.3)
      rack (>= 1.0.0)
      rack-test (>= 0.5.4)
      selenium-webdriver (~> 2.0)
      xpath (~> 1.0.0)
    celluloid (0.12.4)
      facter (>= 1.6.12)
      timers (>= 1.0.0)
    childprocess (0.3.9)
      ffi (~> 1.0, >= 1.0.11)
    chunky_png (1.2.7)
    coderay (1.0.9)
    coffee-rails (3.2.2)
      coffee-script (>= 2.2.0)
      railties (~> 3.2.0)
    coffee-script (2.2.0)
      coffee-script-source
      execjs
    coffee-script-source (1.6.1)
    compass (0.12.2)
      chunky_png (~> 1.2)
      fssm (>= 0.2.7)
      sass (~> 3.1)
    compass-rails (1.0.3)
      compass (>= 0.12.2, < 0.14)
    crack (0.3.2)
    dalli (2.6.2)
    devise (2.2.4)
      bcrypt-ruby (~> 3.0)
      orm_adapter (~> 0.1)
      railties (~> 3.1)
      warden (~> 1.2.1)
    diff-lcs (1.2.1)
    em-websocket (0.5.0)
      eventmachine (>= 0.12.9)
      http_parser.rb (~> 0.5.3)
    erubis (2.7.0)
    eventmachine (1.0.3-java)
    execjs (1.4.0)
      multi_json (~> 1.0)
    extlib (0.9.16)
    facter (1.6.18)
    faraday (0.8.6)
      multipart-post (~> 1.1)
    ffi (1.4.0-java)
    font-awesome-sass-rails (3.0.2.2)
      railties (>= 3.1.1)
      sass-rails (>= 3.1.1)
    fssm (0.2.10)
    google-api-client (0.6.2)
      addressable (>= 2.3.2)
      autoparse (>= 0.3.2)
      extlib (>= 0.9.15)
      faraday (~> 0.8.4)
      jwt (>= 0.1.5)
      launchy (>= 2.1.1)
      multi_json (>= 1.0.0)
      signet (>= 0.4.4)
      uuidtools (>= 2.1.0)
    guard (1.6.2)
      listen (>= 0.6.0)
      lumberjack (>= 1.0.2)
      pry (>= 0.9.10)
      terminal-table (>= 1.4.3)
      thor (>= 0.14.6)
    guard-livereload (1.1.3)
      em-websocket (>= 0.2.0)
      guard (>= 1.5.0)
      multi_json (~> 1.0)
    haml (4.0.3)
      tilt
    hashie (1.2.0)
    headless (1.0.1)
    highline (1.6.16)
    hike (1.2.1)
    http_parser.rb (0.5.3-java)
    i18n (0.6.1)
    jasmine (1.3.2)
      jasmine-core (~> 1.3.1)
      rack (~> 1.0)
      rspec (>= 1.3.1)
      selenium-webdriver (>= 0.1.3)
    jasmine-core (1.3.1)
    jasmine-jquery-rails (1.4.2)
    jdbc-h2 (1.3.170.1)
    jdbc-postgres (9.2.1002.1)
    jdbc-sqlite3 (3.7.2.1)
    journey (1.0.4)
    jquery-rails (2.2.1)
      railties (>= 3.0, < 5.0)
      thor (>= 0.14, < 2.0)
    jquery-ui-rails (3.0.1)
      jquery-rails
      railties (>= 3.1.0)
    jruby-activemq (5.5.1-java)
    jruby-openssl (0.8.6)
      bouncy-castle-java (>= 1.5.0147)
    jruby-rack (1.1.13.1)
    json (1.7.7-java)
    jwt (0.1.8)
      multi_json (>= 1.5)
    kaminari (0.14.1)
      actionpack (>= 3.0.0)
      activesupport (>= 3.0.0)
    launchy (2.2.0-java)
      addressable (~> 2.3)
      spoon (~> 0.0.1)
    listen (0.7.3)
    log4r (1.1.10)
    lumberjack (1.0.3)
    mail (2.5.3)
      i18n (>= 0.4.0)
      mime-types (~> 1.16)
      treetop (~> 1.4.8)
    meta_request (0.2.3)
      rack-contrib
      railties
    method_source (0.8.1)
    mime-types (1.21)
    minitest (4.7.0)
    minitest-reporters (0.14.7)
      ansi
      builder
      minitest (>= 2.12, < 5.0)
      powerbar
    momentjs-rails (2.0.0.1)
      railties (>= 3.1)
    multi_json (1.7.1)
    multipart-post (1.2.0)
    nested_form (0.3.2)
    net-scp (1.1.0)
      net-ssh (>= 2.6.5)
    net-sftp (2.1.1)
      net-ssh (>= 2.6.5)
    net-ssh (2.6.6)
    net-ssh-gateway (1.2.0)
      net-ssh (>= 2.6.5)
    nokogiri (1.5.7-java)
    omniauth (1.1.3)
      hashie (~> 1.2)
      rack
    omniauth-cas (1.0.1)
      addressable (~> 2.3)
      nokogiri (~> 1.5)
      omniauth (~> 1.1.0)
    orm_adapter (0.4.0)
    pikaday-gem (1.0.0.2)
      railties (>= 3.1)
    polyglot (0.3.3)
    powerbar (1.0.11)
      ansi (~> 1.4.0)
      hashie (>= 1.1.0)
    pry (0.9.12-java)
      coderay (~> 1.0.5)
      method_source (~> 0.8)
      slop (~> 3.4)
      spoon (~> 0.0)
    rack (1.4.5)
    rack-cache (1.2)
      rack (>= 0.4)
    rack-contrib (1.1.0)
      rack (>= 0.9.1)
    rack-livereload (0.3.11)
      rack
    rack-pjax (0.7.0)
      nokogiri (~> 1.5)
      rack (~> 1.3)
    rack-ssl (1.3.3)
      rack
    rack-test (0.6.2)
      rack (>= 1.0)
    rails (3.2.13)
      actionmailer (= 3.2.13)
      actionpack (= 3.2.13)
      activerecord (= 3.2.13)
      activeresource (= 3.2.13)
      activesupport (= 3.2.13)
      bundler (~> 1.0)
      railties (= 3.2.13)
    rails_admin (0.4.8)
      bootstrap-sass (~> 2.2)
      builder (~> 3.0)
      coffee-rails (~> 3.1)
      font-awesome-sass-rails (~> 3.0, >= 3.0.0.1)
      haml (~> 4.0)
      jquery-rails (~> 2.1)
      jquery-ui-rails (~> 3.0)
      kaminari (~> 0.14)
      nested_form (~> 0.3)
      rack-pjax (~> 0.6)
      rails (~> 3.1)
      remotipart (~> 1.0)
      safe_yaml (~> 0.6)
      sass-rails (~> 3.1)
    railties (3.2.13)
      actionpack (= 3.2.13)
      activesupport (= 3.2.13)
      rack-ssl (~> 1.3.2)
      rake (>= 0.8.7)
      rdoc (~> 3.4)
      thor (>= 0.14.6, < 2.0)
    rake (10.0.3)
    ravenjs-gem (1.0.7.0)
      railties (>= 3.1)
    rb-fchange (0.0.6)
      ffi
    rb-fsevent (0.9.3)
    rb-inotify (0.9.0)
      ffi (>= 0.5.0)
    rdoc (3.12.2)
      json (~> 1.4)
    remotipart (1.0.5)
    rspec (2.13.0)
      rspec-core (~> 2.13.0)
      rspec-expectations (~> 2.13.0)
      rspec-mocks (~> 2.13.0)
    rspec-core (2.13.1)
    rspec-expectations (2.13.0)
      diff-lcs (>= 1.1.3, < 2.0)
    rspec-mocks (2.13.0)
    rspec-rails (2.13.0)
      actionpack (>= 3.0)
      activesupport (>= 3.0)
      railties (>= 3.0)
      rspec-core (~> 2.13.0)
      rspec-expectations (~> 2.13.0)
      rspec-mocks (~> 2.13.0)
    rspec_junit_formatter (0.1.6)
      builder
      rspec (~> 2.0)
      rspec-core (!= 2.12.0)
    rubyzip (0.9.9)
    rvm-capistrano (1.2.7)
      capistrano (>= 2.0.0)
    safe_yaml (0.9.1)
    sass (3.2.7)
    sass-rails (3.2.6)
      railties (~> 3.2.0)
      sass (>= 3.1.10)
      tilt (~> 1.3)
    selenium-webdriver (2.31.0)
      childprocess (>= 0.2.5)
      multi_json (~> 1.0)
      rubyzip
      websocket (~> 1.0.4)
    signet (0.4.5)
      addressable (>= 2.2.3)
      faraday (~> 0.8.1)
      jwt (>= 0.1.5)
      multi_json (>= 1.0.0)
    simplecov (0.7.1)
      multi_json (~> 1.0)
      simplecov-html (~> 0.7.1)
    simplecov-html (0.7.1)
    slop (3.4.4)
    spoon (0.0.1)
    sprockets (2.2.2)
      hike (~> 1.2)
      multi_json (~> 1.0)
      rack (~> 1.0)
      tilt (~> 1.1, != 1.3.0)
    terminal-table (1.4.5)
    therubyrhino (2.0.2)
      therubyrhino_jar (>= 1.7.3)
    therubyrhino_jar (1.7.4)
    thor (0.17.0)
    tilt (1.3.6)
    timers (1.1.0)
    treetop (1.4.12)
      polyglot
      polyglot (>= 0.3.1)
    trinidad (1.4.4)
      jruby-rack (>= 1.1.10)
      trinidad_jars (>= 1.1.0)
    trinidad_jars (1.2.2)
    tzinfo (0.3.37)
    uglifier (1.3.0)
      execjs (>= 0.3.0)
      multi_json (~> 1.0, >= 1.0.2)
    uuidtools (2.1.3)
    vcr (2.4.0)
    warden (1.2.1)
      rack (>= 1.0)
    webmock (1.11.0)
      addressable (>= 2.2.7)
      crack (>= 0.3.2)
    websocket (1.0.7)
    xpath (1.0.0)
      nokogiri (~> 1.3)
    zurb-foundation (4.1.6)
      sass (>= 3.2.0)

PLATFORMS
  java

DEPENDENCIES
  active_attr (~> 0.7.0)
  activerecord-jdbc-adapter (~> 1.2.8)
  activerecord-jdbch2-adapter (~> 1.2.7)
  activerecord-jdbcpostgresql-adapter (~> 1.2.7)
  activerecord-jdbcsqlite3-adapter (~> 1.2.7)
  activerecord-oracle_enhanced-adapter (~> 1.4.1)
  addressable (~> 2.3.3)
  angular-gem (= 1.1.4)
  capistrano (~> 2.14.2)
  capybara (~> 2.0.2)
  celluloid (~> 0.12.4)
  coffee-rails (~> 3.2.1)
  compass-rails (~> 1.0.3)
  dalli (~> 2.6.2)
  devise (~> 2.2.4)
  faraday (~> 0.8.6)
  font-awesome-sass-rails (~> 3.0.2.2)
  google-api-client (~> 0.6.2)
  guard-livereload (~> 1.1.0)
  headless (~> 1.0.1)
  jasmine (~> 1.3.1)
  jasmine-jquery-rails (~> 1.4.2)
  jquery-rails (~> 2.2.1)
  jruby-activemq (~> 5.5.1)
  jruby-openssl (~> 0.8.4)
  json (~> 1.7.7)
  log4r (~> 1.1.10)
  meta_request (~> 0.2.3)
  minitest-reporters (~> 0.14.7)
  momentjs-rails (~> 2.0.0.1)
  nokogiri (~> 1.5.6)
  omniauth-cas (~> 1.0.1)
  pikaday-gem (~> 1.0.0.2)
  rack-livereload (~> 0.3.11)
  rails (= 3.2.13)
  rails_admin (~> 0.4.8)
  ravenjs-gem (~> 1.0.7.0)
  rb-fchange (~> 0.0.6)
  rb-fsevent (~> 0.9.2)
  rb-inotify (~> 0.9.0)
  rspec-mocks (~> 2.13.0)
  rspec-rails (~> 2.13.0)
  rspec_junit_formatter (~> 0.1.2)
  rvm-capistrano (~> 1.2.7)
  sass-rails (~> 3.2.6)
  selenium-webdriver (~> 2.31.0)
  signet (~> 0.4.5)
  simplecov (~> 0.7.1)
  therubyrhino (~> 2.0.1)
  trinidad (~> 1.4.4)
  uglifier (~> 1.3.0)
  vcr (~> 2.4.0)
  webmock (~> 1.11.0)
  zurb-foundation (= 4.1.6)
